GEM
  remote: https://rubygems.org/
  specs:
    csv (3.3.0)
    sentimental (1.5.0)

PLATFORMS
  ruby
  x86_64-linux

DEPENDENCIES
  csv (~> 3.1)
  sentimental (~> 1.5.0)

RUBY VERSION
   ruby 3.1.6p260

BUNDLED WITH
   2.5.18
